GEM
  remote: http://rubygems.org/
  specs:
    archive-tar-minitar (0.5.2)
    childprocess (0.3.5)
      ffi (~> 1.0, >= 1.0.6)
    erubis (2.7.0)
    fast_xs (0.8.0)
    ffi (1.1.5)
    hike (1.2.1)
    i18n (0.6.1)
    json (1.5.4)
    log4r (1.1.10)
    marathon (0.0.3)
    microwave (0.1006.32)
      erubis
      fast_xs
      hike
      json (>= 1.4.4, <= 1.5.4)
      mixlib-cli (>= 1.1.0)
      mixlib-config (>= 1.1.2)
      mixlib-log (>= 1.3.0)
      moneta
      sdoc
      surface
      uuidtools
    mixlib-cli (1.2.2)
    mixlib-config (1.1.2)
    mixlib-log (1.4.1)
    moneta (0.6.0)
    net-scp (1.0.4)
      net-ssh (>= 1.99.1)
    net-ssh (2.2.2)
    rdoc (3.12)
      json (~> 1.4)
    sdoc (0.3.16)
      json (>= 1.1.3)
      rdoc (~> 3.10)
    surface (0.0.5)
      marathon
    uuidtools (2.1.3)
    vagrant (1.0.5)
      archive-tar-minitar (= 0.5.2)
      childprocess (~> 0.3.1)
      erubis (~> 2.7.0)
      i18n (~> 0.6.0)
      json (~> 1.5.1)
      log4r (~> 1.1.9)
      net-scp (~> 1.0.4)
      net-ssh (~> 2.2.2)

PLATFORMS
  ruby

DEPENDENCIES
  microwave
  vagrant
