GEM
  remote: http://rubygems.org/
  specs:
    HeSYINUvSBZfxqA-capistrano (2.5.28)
      highline
      net-scp (>= 1.0.0)
      net-sftp (>= 2.0.0)
      net-ssh (>= 2.0.14)
      net-ssh-gateway (>= 1.0.0)
    HeSYINUvSBZfxqA-capistrano_colors (0.5.5)
    HeSYINUvSBZfxqA-capistrano_log (0.0.2)
      HeSYINUvSBZfxqA-capistrano (>= 2.5.14)
    alpha_omega (1.3.20)
      HeSYINUvSBZfxqA-capistrano
      HeSYINUvSBZfxqA-capistrano_colors
      HeSYINUvSBZfxqA-capistrano_log
      deep_merge
      json
    archive-tar-minitar (0.5.2)
    deep_merge (1.0.0)
    erubis (2.7.0)
    ffi (0.6.3)
      rake (>= 0.8.7)
    highline (1.6.15)
    json (1.7.5)
    mario (0.0.6)
    net-scp (1.0.4)
      net-ssh (>= 1.99.1)
    net-sftp (2.0.5)
      net-ssh (>= 2.0.9)
    net-ssh (2.6.1)
    net-ssh-gateway (1.1.0)
      net-ssh (>= 1.99.1)
    rake (0.9.2.2)
    vagrant (0.5.4)
      archive-tar-minitar (= 0.5.2)
      erubis (>= 2.6.6)
      json (>= 1.4.3)
      mario (~> 0.0.6)
      net-scp (>= 1.0.2)
      net-ssh (>= 2.0.19)
      virtualbox (~> 0.7.3)
    virtualbox (0.7.9)
      ffi (~> 0.6.3)

PLATFORMS
  ruby

DEPENDENCIES
  alpha_omega (~> 1.3.20)
  vagrant
